PATH
  remote: .
  specs:
    coreos-fleet-api (0.1.0)
      addressable (~> 2.2)
      cistern (~> 0.6)
      faraday (~> 0.9)
      faraday_middleware (~> 0.9)

GEM
  remote: https://rubygems.org/
  specs:
    addressable (2.3.6)
    cistern (0.11.0)
    diff-lcs (1.2.5)
    faraday (0.9.0)
      multipart-post (>= 1.2, < 3)
    faraday_middleware (0.9.1)
      faraday (>= 0.7.4, < 0.10)
    multipart-post (2.0.0)
    rspec (3.1.0)
      rspec-core (~> 3.1.0)
      rspec-expectations (~> 3.1.0)
      rspec-mocks (~> 3.1.0)
    rspec-core (3.1.3)
      rspec-support (~> 3.1.0)
    rspec-expectations (3.1.1)
      diff-lcs (>= 1.2.0, < 2.0)
      rspec-support (~> 3.1.0)
    rspec-mocks (3.1.0)
      rspec-support (~> 3.1.0)
    rspec-support (3.1.0)

PLATFORMS
  ruby

DEPENDENCIES
  coreos-fleet-api!
  rspec
